GEM
  remote: http://rubygems.org/
  specs:
    activemodel (3.0.9)
      activesupport (= 3.0.9)
      builder (~> 2.1.2)
      i18n (~> 0.5.0)
    activerecord (3.0.9)
      activemodel (= 3.0.9)
      activesupport (= 3.0.9)
      arel (~> 2.0.10)
      tzinfo (~> 0.3.23)
    activesupport (3.0.9)
    arel (2.0.10)
    builder (2.1.2)
    daemons (1.1.3)
    eventmachine (0.12.10)
    foreman (0.18.0)
      term-ansicolor (~> 1.0.5)
      thor (>= 0.13.6)
    i18n (0.5.0)
    rack (1.2.2)
    rake (0.9.2)
    sinatra (1.2.6)
      rack (~> 1.1)
      tilt (< 2.0, >= 1.2.2)
    sqlite3 (1.3.3)
    term-ansicolor (1.0.5)
    thin (1.2.11)
      daemons (>= 1.0.9)
      eventmachine (>= 0.12.6)
      rack (>= 1.0.0)
    thor (0.14.6)
    tilt (1.3)
    tzinfo (0.3.28)

PLATFORMS
  ruby

DEPENDENCIES
  activerecord
  foreman
  rake
  sinatra
  sqlite3
  thin
